GEM
  remote: https://rubygems.org/
  specs:
    cli_utils (0.0.0)

PLATFORMS
  ruby

DEPENDENCIES
  cli_utils (= 0.0.0)
